PATH
  remote: ../rspec-background-process
  specs:
    rspec-background-process (0.1.0)

GEM
  remote: http://rubygems.org/
  specs:
    addressable (2.3.6)
    builder (3.2.2)
    cli (1.3.1)
    cuba (3.3.0)
      rack
    cucumber (1.3.16)
      builder (>= 2.1.2)
      diff-lcs (>= 1.1.3)
      gherkin (~> 2.12)
      multi_json (>= 1.7.5, < 2.0)
      multi_test (>= 0.1.1)
    daemon (1.2.0)
    diff-lcs (1.2.5)
    excon (0.39.5)
    facter (1.6.18)
    faraday (0.8.9)
      multipart-post (~> 1.2.0)
    file-tail (1.0.12)
      tins (~> 0.5)
    gherkin (2.12.2)
      multi_json (~> 1.3)
    git (1.2.8)
    github_api (0.10.1)
      addressable
      faraday (~> 0.8.1)
      hashie (>= 1.2)
      multi_json (~> 1.4)
      nokogiri (~> 1.5.2)
      oauth2
    hashie (3.3.1)
    highline (1.6.21)
    jeweler (1.8.8)
      builder
      bundler (~> 1.0)
      git (>= 1.2.5)
      github_api (= 0.10.1)
      highline (>= 1.6.15)
      nokogiri (= 1.5.10)
      rake
      rdoc
    json (1.8.1)
    jwt (1.0.0)
    kgio (2.9.2)
    mail (2.6.1)
      mime-types (>= 1.16, < 3)
    micromachine (1.1.0)
    mime-types (2.3)
    multi_json (1.10.1)
    multi_test (0.1.1)
    multi_xml (0.5.5)
    multipart-post (1.2.0)
    nokogiri (1.5.10)
    oauth2 (1.0.0)
      faraday (>= 0.8, < 0.10)
      jwt (~> 1.0)
      multi_json (~> 1.3)
      multi_xml (~> 0.5)
      rack (~> 1.2)
    rack (1.5.2)
    raindrops (0.13.0)
    rake (10.3.2)
    rdoc (4.1.1)
      json (~> 1.4)
    retries (0.0.5)
    rspec (3.1.0)
      rspec-core (~> 3.1.0)
      rspec-expectations (~> 3.1.0)
      rspec-mocks (~> 3.1.0)
    rspec-core (3.1.4)
      rspec-support (~> 3.1.0)
    rspec-expectations (3.1.1)
      diff-lcs (>= 1.2.0, < 2.0)
      rspec-support (~> 3.1.0)
    rspec-mocks (3.1.1)
      rspec-support (~> 3.1.0)
    rspec-support (3.1.0)
    ruby-ip (0.9.3)
    rufus-lru (1.0.5)
    tins (0.13.2)
    unicorn (4.8.3)
      kgio (~> 2.6)
      rack
      raindrops (~> 0.7)
    unicorn-cuba-base (1.2.2)
      cli (~> 1.3)
      cuba (~> 3.0)
      facter (~> 1.6.11)
      raindrops (~> 0.11)
      ruby-ip (~> 0.9)
      unicorn (>= 4.6.2)

PLATFORMS
  ruby

DEPENDENCIES
  bundler (~> 1.0)
  cucumber
  daemon (~> 1.2)
  excon (>= 0.39)
  file-tail (~> 1.0)
  jeweler (~> 1.8.4)
  mail (~> 2.6.1)
  micromachine (~> 1.1)
  retries (~> 0.0.5)
  rspec (~> 3.1)
  rspec-background-process!
  rufus-lru (~> 1.0)
  unicorn-cuba-base (~> 1.2.2)
